GEM
  remote: https://rubygems.org/
  specs:
    rack (2.2.6.4)
    webrick (1.7.0)

PLATFORMS
  arm64-darwin-20
  x86_64-linux

DEPENDENCIES
  rack (~> 2.2.6)
  webrick

BUNDLED WITH
   2.2.24
